GEM
  remote: https://rubygems.org/
  specs:
    git (1.11.0)
      rchardet (~> 1.8)
    rake (10.5.0)
    rchardet (1.8.0)

PLATFORMS
  ruby

DEPENDENCIES
  git (~> 1.11)
  rake (~> 10.0)

BUNDLED WITH
   1.12.3
